GEM
  remote: http://rubygems.org/
  specs:
    rack (3.0.9.1)
    sinatra (1.0)
      rack (>= 1.0)

PLATFORMS
  java
  ruby

DEPENDENCIES
  sinatra
